GEM
  remote: https://rubygems.org/
  specs:
    minitest (5.10.3)
    rack (1.6.8)
    rack-protection (1.5.3)
      rack
    rack-test (0.7.0)
      rack (>= 1.0, < 3)
    redis (4.0.1)
    sinatra (1.4.8)
      rack (~> 1.5)
      rack-protection (~> 1.4)
      tilt (>= 1.3, < 3)
    tilt (2.0.8)

PLATFORMS
  ruby

DEPENDENCIES
  minitest (~> 5.10, >= 5.10.3)
  rack-test (~> 0.7.0)
  redis (~> 4.0, >= 4.0.1)
  sinatra (~> 1.4, >= 1.4.7)

BUNDLED WITH
   1.15.3
